GEM
  remote: http://rubygems.org/
  specs:
    activesupport (4.2.1)
      i18n (~> 0.7)
      json (~> 1.7, >= 1.7.7)
      minitest (~> 5.1)
      thread_safe (~> 0.3, >= 0.3.4)
      tzinfo (~> 1.1)
    async-rack (0.5.1)
      rack (~> 1.1)
    celluloid (0.11.1)
      timers (>= 1.0.0)
    em-synchrony (1.0.4)
      eventmachine (>= 1.0.0.beta.1)
    em-websocket (0.5.0)
      eventmachine (>= 0.12.9)
      http_parser.rb (~> 0.5.3)
    eventmachine (1.2.3)
    goliath (1.0.0)
      async-rack
      em-synchrony (>= 1.0.0)
      em-websocket
      eventmachine (>= 1.0.0.beta.4)
      http_parser.rb (= 0.5.3)
      log4r
      multi_json
      rack (>= 1.2.2)
      rack-contrib
      rack-respond_to
    http_parser.rb (0.5.3)
    i18n (0.7.0)
    json (1.8.2)
    log4r (1.1.10)
    minitest (5.6.1)
    multi_json (1.11.0)
    rack (1.6.0)
    rack-accept-media-types (0.9)
    rack-contrib (1.2.0)
      rack (>= 0.9.1)
    rack-respond_to (0.9.8)
      rack-accept-media-types (>= 0.6)
    thread_safe (0.3.5)
    tilt (1.3.3)
    timers (1.0.1)
    tzinfo (1.2.2)
      thread_safe (~> 0.1)
    whois (3.5.9)
      activesupport (>= 3)
    yajl-ruby (1.1.0)

PLATFORMS
  ruby

DEPENDENCIES
  celluloid
  goliath (= 1.0.0)
  tilt
  whois
  yajl-ruby
