GEM
  remote: http://rubygems.org/
  specs:
    whois (2.5.1)

PLATFORMS
  ruby

DEPENDENCIES
  whois
