GEM
  remote: http://rubygems.org/
  specs:
    activesupport (5.0.2)
      concurrent-ruby (~> 1.0, >= 1.0.2)
      i18n (~> 0.7)
      minitest (~> 5.1)
      tzinfo (~> 1.1)
    addressable (2.3.8)
    async-rack (0.5.1)
      rack (~> 1.1)
    celluloid (0.11.1)
      timers (>= 1.0.0)
    concurrent-ruby (1.0.5)
    em-synchrony (1.0.4)
      eventmachine (>= 1.0.0.beta.1)
    em-websocket (0.5.0)
      eventmachine (>= 0.12.9)
      http_parser.rb (~> 0.5.3)
    eventmachine (1.2.3)
    excon (0.15.4)
    foreman (0.53.0)
      thor (>= 0.13.6)
    goliath (1.0.0)
      async-rack
      em-synchrony (>= 1.0.0)
      em-websocket
      eventmachine (>= 1.0.0.beta.4)
      http_parser.rb (= 0.5.3)
      log4r
      multi_json
      rack (>= 1.2.2)
      rack-contrib
      rack-respond_to
    heroku (2.30.1)
      heroku-api (~> 0.3.1)
      launchy (>= 0.3.2)
      netrc (~> 0.7.5)
      rest-client (~> 1.6.1)
      rubyzip
    heroku-api (0.3.1)
      excon (~> 0.15.4)
    http_parser.rb (0.5.3)
    i18n (0.8.1)
    launchy (2.1.1)
      addressable (~> 2.3)
    log4r (1.1.10)
    mime-types (1.19)
    minitest (5.10.1)
    multi_json (1.11.0)
    netrc (0.7.5)
    rack (1.6.0)
    rack-accept-media-types (0.9)
    rack-contrib (1.2.0)
      rack (>= 0.9.1)
    rack-respond_to (0.9.8)
      rack-accept-media-types (>= 0.6)
    rest-client (1.6.7)
      mime-types (>= 1.16)
    rubyzip (0.9.9)
    thor (0.15.4)
    thread_safe (0.3.6)
    tilt (1.3.3)
    timers (1.0.1)
    tzinfo (1.2.3)
      thread_safe (~> 0.1)
    whois (4.0.1)
    whois-parser (1.0.0)
      activesupport (>= 4)
      whois (>= 4.0.0)
    yajl-ruby (1.1.0)

PLATFORMS
  ruby

DEPENDENCIES
  celluloid
  foreman
  goliath (= 1.0.0)
  heroku
  tilt
  whois
  whois-parser
  yajl-ruby

BUNDLED WITH
   1.14.6
